PATH
  remote: .
  specs:
    dataloader (0.0.0)
      concurrent-ruby (~> 1)
      promise.rb (~> 0.7)

GEM
  remote: https://rubygems.org/
  specs:
    awesome_print (1.7.0)
    byebug (9.0.6)
    concurrent-ruby (1.0.5)
    diff-lcs (1.3)
    promise.rb (0.7.2)
    rspec (3.5.0)
      rspec-core (~> 3.5.0)
      rspec-expectations (~> 3.5.0)
      rspec-mocks (~> 3.5.0)
    rspec-core (3.5.4)
      rspec-support (~> 3.5.0)
    rspec-expectations (3.5.0)
      diff-lcs (>= 1.2.0, < 2.0)
      rspec-support (~> 3.5.0)
    rspec-mocks (3.5.0)
      diff-lcs (>= 1.2.0, < 2.0)
      rspec-support (~> 3.5.0)
    rspec-support (3.5.0)

PLATFORMS
  ruby

DEPENDENCIES
  awesome_print
  byebug
  dataloader!
  rspec

BUNDLED WITH
   1.14.6
