GEM
  remote: https://rubygems.org/
  specs:
    awesome_print (1.7.0)
    byebug (9.0.5)
    concurrent-ruby (1.0.2)
    eventmachine (1.0.9.1)
    promise.rb (0.7.1)

PLATFORMS
  ruby

DEPENDENCIES
  awesome_print
  byebug
  concurrent-ruby
  eventmachine
  promise.rb

BUNDLED WITH
   1.13.1
